PATH
  remote: .
  specs:
    ensconce (0.0.1)
      faraday

GEM
  remote: http://rubygems.org/
  specs:
    addressable (2.3.3)
    crack (0.3.2)
    faraday (0.8.6)
      multipart-post (~> 1.1)
    multipart-post (1.2.0)
    vcr (2.4.0)
    webmock (1.11.0)
      addressable (>= 2.2.7)
      crack (>= 0.3.2)

PLATFORMS
  ruby

DEPENDENCIES
  ensconce!
  vcr
  webmock
